GEM
  remote: https://rubygems.org/
  specs:
    activesupport (5.1.4)
      concurrent-ruby (~> 1.0, >= 1.0.2)
      i18n (~> 0.7)
      minitest (~> 5.1)
      tzinfo (~> 1.1)
    addressable (2.8.0)
      public_suffix (>= 2.0.2, < 5.0)
    aws-sdk (2.10.106)
      aws-sdk-resources (= 2.10.106)
    aws-sdk-core (2.10.106)
      aws-sigv4 (~> 1.0)
      jmespath (~> 1.0)
    aws-sdk-resources (2.10.106)
      aws-sdk-core (= 2.10.106)
    aws-sigv4 (1.0.2)
    clockwork (2.0.2)
      activesupport
      tzinfo
    coderay (1.1.1)
    concurrent-ruby (1.0.5)
    connection_pool (2.2.5)
    diff-lcs (1.2.5)
    domain_name (0.5.20190701)
      unf (>= 0.0.5, < 1.0.0)
    foreman (0.85.0)
      thor (~> 0.19.1)
    http-cookie (1.0.5)
      domain_name (~> 0.5)
    i18n (0.9.1)
      concurrent-ruby (~> 1.0)
    jmespath (1.3.1)
    kgio (2.11.1)
    mechanize (2.8.5)
      addressable (~> 2.8)
      domain_name (~> 0.5, >= 0.5.20190701)
      http-cookie (~> 1.0, >= 1.0.3)
      mime-types (~> 3.0)
      net-http-digest_auth (~> 1.4, >= 1.4.1)
      net-http-persistent (>= 2.5.2, < 5.0.dev)
      nokogiri (~> 1.11, >= 1.11.2)
      rubyntlm (~> 0.6, >= 0.6.3)
      webrick (~> 1.7)
      webrobots (~> 0.1.2)
    method_source (0.8.2)
    mime-types (3.4.1)
      mime-types-data (~> 3.2015)
    mime-types-data (3.2022.0105)
    mini_portile2 (2.8.0)
    minitest (5.10.3)
    mustermann (1.0.1)
    net-http-digest_auth (1.4.1)
    net-http-persistent (4.0.1)
      connection_pool (~> 2.2)
    nokogiri (1.13.6)
      mini_portile2 (~> 2.8.0)
      racc (~> 1.4)
    pry (0.10.4)
      coderay (~> 1.1.0)
      method_source (~> 0.8.1)
      slop (~> 3.4)
    public_suffix (4.0.7)
    racc (1.6.0)
    rack (2.0.3)
    rack-protection (2.0.0)
      rack
    raindrops (0.19.0)
    rspec (3.5.0)
      rspec-core (~> 3.5.0)
      rspec-expectations (~> 3.5.0)
      rspec-mocks (~> 3.5.0)
    rspec-core (3.5.4)
      rspec-support (~> 3.5.0)
    rspec-expectations (3.5.0)
      diff-lcs (>= 1.2.0, < 2.0)
      rspec-support (~> 3.5.0)
    rspec-mocks (3.5.0)
      diff-lcs (>= 1.2.0, < 2.0)
      rspec-support (~> 3.5.0)
    rspec-support (3.5.0)
    rubyntlm (0.6.3)
    sinatra (2.0.0)
      mustermann (~> 1.0)
      rack (~> 2.0)
      rack-protection (= 2.0.0)
      tilt (~> 2.0)
    slop (3.6.0)
    thor (0.19.4)
    thread_safe (0.3.6)
    tilt (2.0.8)
    tzinfo (1.2.4)
      thread_safe (~> 0.1)
    unf (0.1.4)
      unf_ext
    unf_ext (0.0.8.2)
    unicorn (5.3.1)
      kgio (~> 2.6)
      raindrops (~> 0.7)
    webrick (1.7.0)
    webrobots (0.1.2)

PLATFORMS
  ruby

DEPENDENCIES
  aws-sdk (~> 2.10.106)
  clockwork (~> 2.0.2)
  foreman (~> 0.85.0)
  mechanize
  pry
  rspec (~> 3.5)
  sinatra (~> 2.0.0)
  unicorn (~> 5.3.1)

BUNDLED WITH
   1.16.5
